GEM
  remote: https://rubygems.org/
  specs:
    puma (1.6.3)
      rack (~> 1.2)
    rack (1.5.2)
    sass (3.3.0.alpha.121)

PLATFORMS
  ruby

DEPENDENCIES
  puma
  sass (>= 3.3.0.alpha.121)
