GEM
  remote: https://rubygems.org/
  specs:
    columnize (0.3.6)
    debugger (1.5.0)
      columnize (>= 0.3.1)
      debugger-linecache (~> 1.2.0)
      debugger-ruby_core_source (~> 1.2.0)
    debugger-linecache (1.2.0)
    debugger-ruby_core_source (1.2.0)
    puma (1.6.3)
      rack (~> 1.2)
    rack (1.5.2)
    rb-fsevent (0.9.3)
    sass (3.3.0.alpha.121)

PLATFORMS
  ruby

DEPENDENCIES
  debugger
  puma
  rb-fsevent
  sass (>= 3.3.0.alpha.121)
